GEM
  remote: https://rubygems.org/
  specs:
    awesome_print (1.2.0)
    daemons (1.1.9)
    eventmachine (1.0.3)
    haml (4.0.4)
      tilt
    rack (1.5.2)
    rack-protection (1.5.1)
      rack
    shotgun (0.9)
      rack (>= 1.0)
    sinatra (1.4.4)
      rack (~> 1.4)
      rack-protection (~> 1.4)
      tilt (~> 1.3, >= 1.3.4)
    sinatra-respond_to (0.9.0)
      sinatra (~> 1.3)
    thin (1.6.1)
      daemons (>= 1.0.9)
      eventmachine (>= 1.0.0)
      rack (>= 1.0.0)
    tilt (1.4.1)

PLATFORMS
  ruby

DEPENDENCIES
  awesome_print
  haml
  shotgun
  sinatra
  sinatra-respond_to
  thin
